GEM
  remote: https://rubygems.org/
  specs:
    RedCloth (4.2.9)
    bcrypt-ruby (3.0.1)
    bson (1.8.5)
    haml (4.0.2)
      tilt
    liquid (2.5.0)
    mongo (1.8.5)
      bson (~> 1.8.5)
    nio4r (2.5.7)
    puma (4.3.8)
      nio4r (~> 2.0)
    rack (1.6.13)
    rack-protection (1.5.0)
      rack
    sinatra (1.4.2)
      rack (~> 1.5, >= 1.5.2)
      rack-protection (~> 1.4)
      tilt (~> 1.3, >= 1.3.4)
    tilt (1.4.1)

PLATFORMS
  ruby

DEPENDENCIES
  RedCloth
  bcrypt-ruby
  haml
  liquid
  mongo
  puma
  sinatra
