GEM
  remote: https://rubygems.org/
  specs:
    RedCloth (4.2.9)
    bcrypt-ruby (3.0.1)
    bson (1.8.5)
    haml (5.0.0)
      temple (>= 0.8.0)
      tilt
    liquid (2.5.0)
    mongo (1.8.5)
      bson (~> 1.8.5)
    puma (2.1.0)
      rack (>= 1.1, < 2.0)
    rack (1.5.2)
    rack-protection (1.5.0)
      rack
    sinatra (1.4.2)
      rack (~> 1.5, >= 1.5.2)
      rack-protection (~> 1.4)
      tilt (~> 1.3, >= 1.3.4)
    temple (0.8.2)
    tilt (1.4.1)

PLATFORMS
  ruby

DEPENDENCIES
  RedCloth
  bcrypt-ruby
  haml
  liquid
  mongo
  puma
  sinatra
