GEM
  remote: https://rubygems.org/
  specs:
    bcrypt-ruby (3.0.1)
    bson (1.8.5)
    haml (4.0.2)
      tilt
    liquid (2.5.0)
    mongo (1.8.5)
      bson (~> 1.8.5)
    rack (1.5.2)
    rack-protection (1.5.0)
      rack
    sinatra (1.4.2)
      rack (~> 1.5, >= 1.5.2)
      rack-protection (~> 1.4)
      tilt (~> 1.3, >= 1.3.4)
    tilt (1.4.1)

PLATFORMS
  ruby

DEPENDENCIES
  bcrypt-ruby
  haml
  liquid
  mongo
  sinatra
