GEM
  remote: https://rubygems.org/
  specs:

PLATFORMS
  ruby

DEPENDENCIES
  RedCloth
  bcrypt-ruby
  haml
  liquid
  mongo
  puma
  sinatra
